GEM
  remote: https://rubygems.org/
  specs:
    activesupport (7.2.3)
      base64
      benchmark (>= 0.3)
      bigdecimal
      concurrent-ruby (~> 1.0, >= 1.3.1)
      connection_pool (>= 2.2.5)
      drb
      i18n (>= 1.6, < 2)
      logger (>= 1.4.2)
      minitest (>= 5.1)
      securerandom (>= 0.3)
      tzinfo (~> 2.0, >= 2.0.5)
    base64 (0.3.0)
    benchmark (0.5.0)
    bigdecimal (3.3.1)
    colorize (1.1.0)
    concurrent-ruby (1.3.5)
    connection_pool (2.5.4)
    csv (3.3.5)
    dotenv (3.1.8)
    drb (2.2.3)
    ffi (1.17.2)
    ffi (1.17.2-arm64-darwin)
    httparty (0.23.2)
      csv
      mini_mime (>= 1.0.0)
      multi_xml (>= 0.5.2)
    i18n (1.14.7)
      concurrent-ruby (~> 1.0)
    json (2.15.2)
    listen (3.9.0)
      rb-fsevent (~> 0.10, >= 0.10.3)
      rb-inotify (~> 0.9, >= 0.9.10)
    logger (1.7.0)
    mini_mime (1.1.5)
    mini_portile2 (2.8.9)
    minitest (5.26.0)
    multi_json (1.17.0)
    multi_xml (0.7.2)
      bigdecimal (~> 3.1)
    mustermann (3.0.0)
      ruby2_keywords (~> 0.0.1)
    net-http (0.7.0)
      uri
    nio4r (2.7.4)
    ostruct (0.6.3)
    puma (7.1.0)
      nio4r (~> 2.0)
    rack (3.2.3)
    rack-attack (6.8.0)
      rack (>= 1.0, < 4)
    rack-protection (4.2.1)
      base64 (>= 0.1.0)
      logger (>= 1.6.0)
      rack (>= 3.0.0, < 4)
    rack-session (2.1.1)
      base64 (>= 0.1.0)
      rack (>= 3.0.0)
    rackup (2.2.1)
      rack (>= 3)
    rb-fsevent (0.11.2)
    rb-inotify (0.11.1)
      ffi (~> 1.0)
    redis (5.4.1)
      redis-client (>= 0.22.0)
    redis-client (0.26.1)
      connection_pool
    rerun (0.14.0)
      listen (~> 3.0)
    ruby2_keywords (0.0.5)
    securerandom (0.4.1)
    sidekiq (8.0.8)
      connection_pool (>= 2.5.0)
      json (>= 2.9.0)
      logger (>= 1.6.2)
      rack (>= 3.1.0)
      redis-client (>= 0.23.2)
    sinatra (4.2.1)
      logger (>= 1.6.0)
      mustermann (~> 3.0)
      rack (>= 3.0.0, < 4)
      rack-protection (= 4.2.1)
      rack-session (>= 2.0.0, < 3)
      tilt (~> 2.0)
    sinatra-contrib (4.2.1)
      multi_json (>= 0.0.2)
      mustermann (~> 3.0)
      rack-protection (= 4.2.1)
      sinatra (= 4.2.1)
      tilt (~> 2.0)
    sqlite3 (2.7.4)
      mini_portile2 (~> 2.8.0)
    sqlite3 (2.7.4-arm64-darwin)
    thread (0.2.2)
    tilt (2.6.0)
    tzinfo (2.0.6)
      concurrent-ruby (~> 1.0)
    uri (1.1.0)
    yaml (0.4.0)

PLATFORMS
  arm64-darwin-23
  ruby

DEPENDENCIES
  activesupport (~> 7.1)
  colorize
  dotenv
  httparty
  json
  net-http
  ostruct
  puma
  rack-attack
  rackup
  redis
  rerun
  sidekiq
  sinatra
  sinatra-contrib
  sqlite3
  thread
  yaml

RUBY VERSION
   ruby 3.2.1p31

BUNDLED WITH
   2.6.5
